RESTRICTION: >= net471
NUGET
  remote: https://api.nuget.org/v3/index.json
    Castle.Core (4.2.1) - redirects: on
    FluentAssertions (4.19.4)
    Fody (2.4.1) - content: once
    Microsoft.Bcl (1.1.10)
      Microsoft.Bcl.Build (>= 1.0.14)
    Microsoft.Bcl.Build (1.0.21) - import_targets: false
    Microsoft.Extensions.DependencyInjection.Abstractions (2.0)
    Microsoft.Extensions.Logging (2.0)
      Microsoft.Extensions.DependencyInjection.Abstractions (>= 2.0)
      Microsoft.Extensions.Logging.Abstractions (>= 2.0)
      Microsoft.Extensions.Options (>= 2.0)
    Microsoft.Extensions.Logging.Abstractions (2.0)
    Microsoft.Extensions.Options (2.0)
      Microsoft.Extensions.DependencyInjection.Abstractions (>= 2.0)
      Microsoft.Extensions.Primitives (>= 2.0)
    Microsoft.Extensions.Primitives (2.0)
      System.Runtime.CompilerServices.Unsafe (>= 4.4)
    Microsoft.Net.Http (2.2.29)
      Microsoft.Bcl (>= 1.1.10)
      Microsoft.Bcl.Build (>= 1.0.14)
    Moq (4.8.1)
      Castle.Core (>= 4.2.1)
      System.Threading.Tasks.Extensions (>= 4.3)
      System.ValueTuple (>= 4.3)
    msdn.4.5.2 (0.1.0-alpha-1611021200)
    NUnit (3.9)
    PropertyChanged.Fody (2.2.5) - copy_local: false
      Fody (>= 2.3.20)
    SemVer.Git.MSBuild (1.3) - content: once
    System.Configuration.ConfigurationManager (4.4.1)
    System.Runtime.CompilerServices.Unsafe (4.4)
    System.Threading.Tasks.Extensions (4.4)
    System.ValueTuple (4.4)
